PATH
  remote: .
  specs:
    nesta-contentfocus-extensions (0.0.1)
      nesta (>= 0.11.0)
      pygments.rb (~> 0.6.0)
      redcarpet (~> 3.2.2)
      tilt (~> 1.4.0)

GEM
  remote: https://rubygems.org/
  specs:
    RedCloth (4.2.9)
    haml (4.1.0.beta.1)
      tilt
    haml-contrib (1.0.0.1)
      haml (>= 3.2.0.alpha.13)
    nesta (0.11.1)
      RedCloth (~> 4.2)
      haml (>= 3.1)
      haml-contrib (>= 1.0)
      rack (>= 1.3)
      rdiscount (~> 2.1)
      sass (>= 3.1)
      sinatra (~> 1.4)
      tilt (~> 1.4)
    posix-spawn (0.3.11)
    pygments.rb (0.6.3)
      posix-spawn (~> 0.3.6)
      yajl-ruby (~> 1.2.0)
    rack (1.6.1)
    rack-protection (1.5.3)
      rack
    rake (10.4.2)
    rdiscount (2.1.8)
    redcarpet (3.2.3)
    sass (3.4.14)
    sinatra (1.4.6)
      rack (~> 1.4)
      rack-protection (~> 1.4)
      tilt (>= 1.3, < 3)
    tilt (1.4.1)
    yajl-ruby (1.2.1)

PLATFORMS
  ruby

DEPENDENCIES
  bundler (~> 1.6)
  nesta-contentfocus-extensions!
  rake
