PATH
  remote: .
  specs:
    nesta-contentfocus-extensions (0.0.3)
      gemoji-parser (~> 1.3.1)
      kramdown (~> 1.11.0)
      neat (~> 1.7.2)
      rouge (~> 1.9.1)
      sass (~> 3.4.16)
      sass_paths (~> 1.0.1)
      sinatra-flash (~> 0.3.0)
      sprockets (~> 3.7.2)
      tilt (~> 2.0)
      uglifier (~> 2.7.1)

GEM
  remote: https://rubygems.org/
  specs:
    bourbon (5.1.0)
      sass (~> 3.4)
      thor (~> 0.19)
    concurrent-ruby (1.1.5)
    execjs (2.7.0)
    gemoji (3.0.0)
    gemoji-parser (1.3.1)
      gemoji (>= 2.1.0)
    json (2.2.0)
    kramdown (1.11.1)
    mustermann (1.0.3)
    neat (1.7.4)
      bourbon (>= 4.0)
      sass (>= 3.3)
    rack (2.0.6)
    rack-protection (2.0.5)
      rack
    rake (12.3.2)
    rouge (1.9.1)
    sass (3.4.25)
    sass_paths (1.0.1)
      sass (~> 3.2)
    sinatra (2.0.5)
      mustermann (~> 1.0)
      rack (~> 2.0)
      rack-protection (= 2.0.5)
      tilt (~> 2.0)
    sinatra-flash (0.3.0)
      sinatra (>= 1.0.0)
    sprockets (3.7.2)
      concurrent-ruby (~> 1.0)
      rack (> 1, < 3)
    thor (0.20.3)
    tilt (2.0.9)
    uglifier (2.7.2)
      execjs (>= 0.3.0)
      json (>= 1.8.0)

PLATFORMS
  ruby

DEPENDENCIES
  bundler (~> 2.0.1)
  nesta-contentfocus-extensions!
  rake

BUNDLED WITH
   2.0.1
