PATH
  remote: .
  specs:
    nesta-contentfocus-extensions (0.0.3)
      gemoji-parser (~> 1.3.1)
      kramdown (~> 1.11.0)
      neat (~> 1.7.2)
      nesta (>= 0.11.0)
      rouge (~> 1.9.1)
      sass (~> 3.4.16)
      sass_paths (~> 1.0.1)
      sinatra-flash (~> 0.3.0)
      sprockets (~> 3.2.0)
      tilt (~> 2.0)
      uglifier (~> 2.7.1)

GEM
  remote: https://rubygems.org/
  specs:
    RedCloth (4.3.2)
    bourbon (5.1.0)
      sass (~> 3.4)
      thor (~> 0.19)
    execjs (2.7.0)
    gemoji (3.0.0)
    gemoji-parser (1.3.1)
      gemoji (>= 2.1.0)
    haml (5.0.4)
      temple (>= 0.8.0)
      tilt
    haml-contrib (1.0.0.1)
      haml (>= 3.2.0.alpha.13)
    json (2.1.0)
    kramdown (1.11.1)
    neat (1.7.4)
      bourbon (>= 4.0)
      sass (>= 3.3)
    nesta (0.11.0)
      RedCloth (~> 4.2)
      haml (>= 3.1)
      haml-contrib (>= 1.0)
      rack (>= 1.3)
      rdiscount (~> 2.1)
      sass (>= 3.1)
      sinatra (~> 1.4)
    rack (1.6.10)
    rack-protection (1.5.5)
      rack
    rake (12.3.1)
    rdiscount (2.2.0.1)
    rouge (1.9.1)
    sass (3.4.25)
    sass_paths (1.0.1)
      sass (~> 3.2)
    sinatra (1.4.8)
      rack (~> 1.5)
      rack-protection (~> 1.4)
      tilt (>= 1.3, < 3)
    sinatra-flash (0.3.0)
      sinatra (>= 1.0.0)
    sprockets (3.2.0)
      rack (~> 1.0)
    temple (0.8.0)
    thor (0.20.0)
    tilt (2.0.8)
    uglifier (2.7.2)
      execjs (>= 0.3.0)
      json (>= 1.8.0)

PLATFORMS
  ruby

DEPENDENCIES
  bundler (~> 1.6)
  nesta-contentfocus-extensions!
  rake

BUNDLED WITH
   1.15.1
