PATH
  remote: .
  specs:
    nesta-contentfocus-extensions (0.0.3)
      kramdown (~> 1.5.0)
      nesta (>= 0.11.0)
      rouge (~> 1.9.1)
      sass_paths (~> 1.0.1)
      sinatra-flash (~> 0.3.0)
      sprockets
      tilt (~> 1.4.0)

GEM
  remote: https://rubygems.org/
  specs:
    RedCloth (4.2.9)
    haml (4.1.0.beta.1)
      tilt
    haml-contrib (1.0.0.1)
      haml (>= 3.2.0.alpha.13)
    kramdown (1.5.0)
    nesta (0.11.1)
      RedCloth (~> 4.2)
      haml (>= 3.1)
      haml-contrib (>= 1.0)
      rack (>= 1.3)
      rdiscount (~> 2.1)
      sass (>= 3.1)
      sinatra (~> 1.4)
      tilt (~> 1.4)
    rack (1.6.4)
    rack-protection (1.5.3)
      rack
    rake (10.4.2)
    rdiscount (2.1.8)
    rouge (1.9.1)
    sass (3.4.16)
    sass_paths (1.0.1)
      sass (~> 3.2)
    sinatra (1.4.6)
      rack (~> 1.4)
      rack-protection (~> 1.4)
      tilt (>= 1.3, < 3)
    sinatra-flash (0.3.0)
      sinatra (>= 1.0.0)
    sprockets (3.2.0)
      rack (~> 1.0)
    tilt (1.4.1)

PLATFORMS
  ruby

DEPENDENCIES
  bundler (~> 1.6)
  nesta-contentfocus-extensions!
  rake
